GEM
  remote: https://rubygems.org/
  specs:
    rake (11.1.2)
    slack-notifier (1.5.1)

PLATFORMS
  ruby

DEPENDENCIES
  rake (= 11.1.2)
  slack-notifier (= 1.5.1)

BUNDLED WITH
   1.11.2
